GEM
  remote: https://rubygems.org/
  specs:
    coderay (1.1.0)
    dotenv (0.11.1)
      dotenv-deployment (~> 0.0.2)
    dotenv-deployment (0.0.2)
    method_source (0.8.2)
    pry (0.9.12.6)
      coderay (~> 1.0)
      method_source (~> 0.8)
      slop (~> 3.4)
    pry-nav (0.2.3)
      pry (~> 0.9.10)
    slop (3.5.0)

PLATFORMS
  ruby

DEPENDENCIES
  dotenv
  pry
  pry-nav
